PATH
  remote: .
  specs:
    zdba (0.0.1)
      json-schema (>= 5.1.1)
      sequel (>= 5.91.0)

GEM
  remote: https://rubygems.org/
  specs:
    addressable (2.8.7)
      public_suffix (>= 2.0.2, < 7.0)
    ast (2.4.3)
    bigdecimal (3.1.9-java)
    coderay (1.1.3)
    ffi (1.17.2-java)
    json (2.11.3-java)
    json-schema (5.1.1)
      addressable (~> 2.8)
      bigdecimal (~> 3.1)
    language_server-protocol (3.17.0.4)
    lint_roller (1.1.0)
    method_source (1.1.0)
    parallel (1.27.0)
    parser (3.3.8.0)
      ast (~> 2.4.1)
      racc
    prism (1.4.0)
    pry (0.15.2-java)
      coderay (~> 1.1)
      method_source (~> 1.0)
      spoon (~> 0.0)
    public_suffix (6.0.1)
    racc (1.8.1-java)
    rainbow (3.1.1)
    regexp_parser (2.10.0)
    rubocop (1.75.3)
      json (~> 2.3)
      language_server-protocol (~> 3.17.0.2)
      lint_roller (~> 1.1.0)
      parallel (~> 1.10)
      parser (>= 3.3.0.2)
      rainbow (>= 2.2.2, < 4.0)
      regexp_parser (>= 2.9.3, < 3.0)
      rubocop-ast (>= 1.44.0, < 2.0)
      ruby-progressbar (~> 1.7)
      unicode-display_width (>= 2.4.0, < 4.0)
    rubocop-ast (1.44.1)
      parser (>= 3.3.7.2)
      prism (~> 1.4)
    rubocop-performance (1.25.0)
      lint_roller (~> 1.1)
      rubocop (>= 1.75.0, < 2.0)
      rubocop-ast (>= 1.38.0, < 2.0)
    ruby-progressbar (1.13.0)
    sequel (5.91.0)
      bigdecimal
    spoon (0.0.6)
      ffi
    unicode-display_width (3.1.4)
      unicode-emoji (~> 4.0, >= 4.0.4)
    unicode-emoji (4.0.4)

PLATFORMS
  universal-java-23
  universal-java-25

DEPENDENCIES
  pry (~> 0.15.2)
  rubocop (~> 1.75.3)
  rubocop-performance (~> 1.25.0)
  zdba!

BUNDLED WITH
   2.7.2
